PATH
  remote: .
  specs:
    CLIproject (1.1.0)

GEM
  remote: https://rubygems.org/
  specs:
    rake (12.3.3)

PLATFORMS
  ruby

DEPENDENCIES
  CLIproject!
  bundler (~> 2.0)
  rake (~> 12.3.3)

BUNDLED WITH
   2.0.1
